GIT
  remote: git@github.com:akjones/chicanery.git
  revision: f496f9b38f2ee1b3b7f690c3cb7678d939aeda5e
  specs:
    chicanery (0.1.5)
      nokogiri (~> 1)

GEM
  remote: https://rubygems.org/
  specs:
    diff-lcs (1.1.3)
    ffi (1.9.3)
    libusb (0.2.2)
      ffi (>= 1.0)
    mini_portile (0.5.2)
    nokogiri (1.6.1)
      mini_portile (~> 0.5.0)
    rake (10.0.3)
    rspec (2.11.0)
      rspec-core (~> 2.11.0)
      rspec-expectations (~> 2.11.0)
      rspec-mocks (~> 2.11.0)
    rspec-core (2.11.1)
    rspec-expectations (2.11.3)
      diff-lcs (~> 1.1.3)
    rspec-mocks (2.11.3)

PLATFORMS
  ruby

DEPENDENCIES
  chicanery!
  libusb (~> 0.2.2)
  rake (~> 10.0.2)
  rspec (~> 2.11.0)
